GIT
  remote: git://github.com/radiant/radiant-clipped-extension.git
  revision: 7912572fcbf0a880f2dbe7691d0e1af074601b80
  specs:
    radiant-clipped-extension (1.0.10)
      acts_as_list (~> 0.1.2)
      paperclip (~> 2.3.16)
      uuidtools (~> 2.1.2)

GEM
  remote: http://rubygems.org/
  specs:
    actionmailer (2.3.14)
      actionpack (= 2.3.14)
    actionpack (2.3.14)
      activesupport (= 2.3.14)
      rack (~> 1.1.0)
    activerecord (2.3.14)
      activesupport (= 2.3.14)
    activeresource (2.3.14)
      activesupport (= 2.3.14)
    activesupport (2.3.14)
    acts_as_list (0.1.4)
    cocaine (0.2.0)
    mime-types (1.16)
    paperclip (2.3.16)
      activerecord (>= 2.3.0)
      activesupport (>= 2.3.2)
      cocaine (>= 0.0.2)
      mime-types
    rack (1.1.2)
    rails (2.3.14)
      actionmailer (= 2.3.14)
      actionpack (= 2.3.14)
      activerecord (= 2.3.14)
      activeresource (= 2.3.14)
      activesupport (= 2.3.14)
      rake (>= 0.8.3)
    rake (0.9.2.2)
    sqlite3 (1.3.4)
    uuidtools (2.1.2)

PLATFORMS
  ruby

DEPENDENCIES
  radiant-clipped-extension!
  rails (= 2.3.14)
  sqlite3 (= 1.3.4)
