PATH
  remote: .
  specs:
    radiant (1.1.5)
      RedCloth (~> 4.2.0)
      acts_as_tree (~> 0.1.1)
      bundler (>= 1.0.0)
      compass (~> 0.12.2)
      compass-rails (~> 1.0.3)
      delocalize (~> 0.2.3)
      haml (~> 3.1.1)
      highline (~> 1.6.10)
      rack (~> 1.1.6)
      rack-cache (~> 1.2)
      radius (~> 0.7.3)
      rails (~> 2.3.18)
      rake (>= 0.8.7)
      rdoc (>= 3.9.2)
      stringex (~> 1.3.0)
      tzinfo (~> 0.3.31)
      will_paginate (~> 2.3.11)

GEM
  remote: https://rubygems.org/
  specs:
    RedCloth (4.2.9)
    RedCloth (4.2.9-java)
    actionmailer (2.3.18)
      actionpack (= 2.3.18)
    actionpack (2.3.18)
      activesupport (= 2.3.18)
      rack (~> 1.1.0)
    activerecord (2.3.18)
      activesupport (= 2.3.18)
    activeresource (2.3.18)
      activesupport (= 2.3.18)
    activesupport (2.3.18)
    acts_as_tree (0.1.1)
    builder (3.2.3)
    chunky_png (1.3.8)
    compass (0.12.7)
      chunky_png (~> 1.2)
      fssm (>= 0.2.7)
      sass (~> 3.2.19)
    compass-rails (1.0.3)
      compass (>= 0.12.2, < 0.14)
    cucumber (2.4.0)
      builder (>= 2.1.2)
      cucumber-core (~> 1.5.0)
      cucumber-wire (~> 0.0.1)
      diff-lcs (>= 1.1.3)
      gherkin (~> 4.0)
      multi_json (>= 1.7.5, < 2.0)
      multi_test (>= 0.1.2)
    cucumber-core (1.5.0)
      gherkin (~> 4.0)
    cucumber-rails (0.3.2)
      cucumber (>= 0.8.0)
    cucumber-wire (0.0.1)
    database_cleaner (0.6.7)
    delocalize (0.2.6)
    diff-lcs (1.3)
    fssm (0.2.10)
    gherkin (4.0.0)
    haml (3.1.8)
    highline (1.6.21)
    hoe (3.16.0)
      rake (>= 0.8, < 13.0)
    mime-types (2.99.3)
    multi_json (1.12.1)
    multi_test (0.1.2)
    mysql (2.9.1)
    nokogiri (1.5.11)
    nokogiri (1.5.11-java)
    pg (0.18.4)
    rack (1.1.6)
    rack-cache (1.2)
      rack (>= 0.4)
    rack-test (0.6.3)
      rack (>= 1.0)
    radius (0.7.4)
    rails (2.3.18)
      actionmailer (= 2.3.18)
      actionpack (= 2.3.18)
      activerecord (= 2.3.18)
      activeresource (= 2.3.18)
      activesupport (= 2.3.18)
      rake (>= 0.8.3)
    rake (10.1.0)
    rdoc (4.3.0)
    rspec (1.3.2)
    rspec-rails (1.3.4)
      rack (>= 1.0.0)
      rspec (~> 1.3.1)
    sass (3.2.19)
    sqlite3 (1.3.5)
    stringex (1.3.3)
    test-unit (1.2.3)
      hoe (>= 1.5.1)
    tzinfo (0.3.52)
    webrat (0.7.3)
      nokogiri (>= 1.2.0)
      rack (>= 1.0)
      rack-test (>= 0.5.3)
    will_paginate (2.3.17)

PLATFORMS
  java
  ruby

DEPENDENCIES
  cucumber-rails (~> 0.3.2)
  database_cleaner (~> 0.6.5)
  mime-types (~> 2.99.3)
  mysql
  nokogiri (~> 1.5.10)
  pg (~> 0.18.0)
  rack-cache (~> 1.2.0)
  radiant!
  rails (~> 2.3.18)
  rdoc (~> 4.3.0)
  rspec (~> 1.3.1)
  rspec-rails (~> 1.3.3)
  sqlite3 (= 1.3.5)
  test-unit (= 1.2.3)
  webrat (~> 0.7.3)
